GEM
  remote: http://rubygems.org/
  specs:
    abstract (1.0.0)
    command-builder (0.1.0)
      hash-utils (>= 0.7.0)
    git (1.2.5)
    hash-utils (0.15.0)
    hashie (1.0.0)
    jeweler (1.6.0)
      bundler (~> 1.0.0)
      git (>= 1.2.5)
      rake
    jpegoptim (0.2.0)
      command-builder (>= 0.1.0)
      pipe-run (>= 0.2.0)
      unix-whereis (>= 0.1.0)
    jpegtran (0.1.0)
      command-builder (>= 0.1.0)
      hash-utils (>= 0.15.0)
      lookup-hash (>= 0.2.0)
      pipe-run (>= 0.2.1)
      unix-whereis (>= 0.1.0)
    lookup-hash (0.2.0)
      hash-utils (>= 0.11.0)
    mini_magick (3.2.1)
      subexec (~> 0.0.4)
    multitype-introspection (0.1.2)
    options-hash (0.1.0)
      hashie (>= 1.0.0)
    optipng (0.2.0)
      command-builder (>= 0.1.0)
      pipe-run (>= 0.2.0)
      unix-whereis (>= 0.1.0)
    pipe-run (0.2.1)
    rake (0.9.0)
    subexec (0.0.4)
    types (0.1.3)
      abstract (>= 1.0.0)
      multitype-introspection (>= 0.1.0)
    unix-whereis (0.1.0)
      command-builder (>= 0.1.0)
      hash-utils (>= 0.9.0)
      pipe-run (>= 0.1.0)
    yaop (0.1.0)
      hash-utils (>= 0.1.0)
      types (>= 0.1.0)

PLATFORMS
  ruby

DEPENDENCIES
  bundler (~> 1.0.14)
  jeweler (~> 1.6.0)
  jpegoptim (>= 0.2.0)
  jpegtran (>= 0.1.0)
  mini_magick (>= 3.2.1)
  options-hash (>= 0.1.0)
  optipng (>= 0.2.0)
  unix-whereis (>= 0.1.0)
  yaop (>= 0.1.0)
