GEM
  remote: http://rubygems.org/
  specs:
    abstract (1.0.0)
    facade (1.0.5)
    git (1.2.5)
    hash-utils (2.0.2)
      ruby-version (>= 0.4.0)
    jeweler (1.8.4)
      bundler (~> 1.0)
      git (>= 1.2.5)
      rake
      rdoc
    json (1.7.5)
    multitype-introspection (0.2.0)
      hash-utils (>= 0.16.0)
    pathname2 (1.6.5)
      facade
    rake (0.9.2.2)
    rdoc (3.12)
      json (~> 1.4)
    ruby-version (0.4.2)
    types (0.1.3)
      abstract (>= 1.0.0)
      multitype-introspection (>= 0.1.0)
    which (0.0.2)
      pathname2 (>= 1.4.4)
    yaop (0.2.0)
      hash-utils (>= 2.0.0)
      types (>= 0.1.0)

PLATFORMS
  ruby

DEPENDENCIES
  bundler
  hash-utils (>= 2.0.0)
  jeweler
  rake
  which
  yaop (>= 0.2.0)
