GEM
  remote: http://rubygems.org/
  specs:
    abstract (1.0.0)
    facade (1.0.5)
    git (1.2.5)
    hash-utils (2.0.0)
      ruby-version
    jeweler2 (2.0.9)
      git (>= 1.2.5)
    multitype-introspection (0.2.0)
      hash-utils (>= 0.16.0)
    pathname2 (1.6.5)
      facade
    ruby-version (0.3.1)
    types (0.1.3)
      abstract (>= 1.0.0)
      multitype-introspection (>= 0.1.0)
    which (0.0.2)
      pathname2 (>= 1.4.4)
    yaop (0.1.0)
      hash-utils (>= 0.1.0)
      types (>= 0.1.0)

PLATFORMS
  ruby

DEPENDENCIES
  bundler (>= 1.0.14)
  hash-utils (>= 2.0.0)
  jeweler2 (>= 2.0.0)
  which
  yaop
