GEM
  remote: http://rubygems.org/
  specs:
    abstract (1.0.0)
    addressable (2.3.8)
    builder (3.2.2)
    descendants_tracker (0.0.4)
      thread_safe (~> 0.3, >= 0.3.1)
    facade (1.0.6)
    faraday (0.9.1)
      multipart-post (>= 1.2, < 3)
    git (1.2.9.1)
    github_api (0.12.3)
      addressable (~> 2.3)
      descendants_tracker (~> 0.0.4)
      faraday (~> 0.8, < 0.10)
      hashie (>= 3.3)
      multi_json (>= 1.7.5, < 2.0)
      nokogiri (~> 1.6.3)
      oauth2
    hash-utils (2.2.0)
      ruby-version (>= 0.4.0)
    hashie (3.4.2)
    highline (1.7.2)
    jeweler (2.0.1)
      builder
      bundler (>= 1.0)
      git (>= 1.2.5)
      github_api
      highline (>= 1.6.15)
      nokogiri (>= 1.5.10)
      rake
      rdoc
    jwt (1.5.1)
    mini_portile (0.6.2)
    multi_json (1.11.2)
    multi_xml (0.5.5)
    multipart-post (2.0.0)
    multitype-introspection (0.2.0)
      hash-utils (>= 0.16.0)
    nokogiri (1.6.6.2)
      mini_portile (~> 0.6.0)
    oauth2 (1.0.0)
      faraday (>= 0.8, < 0.10)
      jwt (~> 1.0)
      multi_json (~> 1.3)
      multi_xml (~> 0.5)
      rack (~> 1.2)
    pathname2 (1.7.3)
      facade
    rack (1.6.4)
    rake (10.4.2)
    rdoc (4.2.0)
    ruby-version (0.4.3)
    thread_safe (0.3.5)
    types (0.1.3)
      abstract (>= 1.0.0)
      multitype-introspection (>= 0.1.0)
    which (0.0.2)
      pathname2 (>= 1.4.4)
    yaop (0.2.0)
      hash-utils (>= 2.0.0)
      types (>= 0.1.0)

PLATFORMS
  ruby

DEPENDENCIES
  bundler
  jeweler
  rake
  which
  yaop (>= 0.2.0)

BUNDLED WITH
   1.10.6
